GEM
  remote: http://rubygems.org/
  specs:
    configuration (1.3.1)
    git (1.2.5)
    jeweler (1.6.4)
      bundler (~> 1.0)
      git (>= 1.2.5)
      rake
    launchy (0.4.0)
      configuration (>= 0.0.5)
      rake (>= 0.8.1)
    rake (0.9.2)

PLATFORMS
  ruby

DEPENDENCIES
  bundler (~> 1.0.0)
  jeweler (~> 1.6.4)
  launchy (~> 0.4.0)
